PATH
  remote: .
  specs:
    graphql-metrics (3.0.0)

GEM
  remote: https://rubygems.org/
  specs:
    activesupport (5.1.6)
      concurrent-ruby (~> 1.0, >= 1.0.2)
      i18n (>= 0.7, < 2)
      minitest (~> 5.1)
      tzinfo (~> 1.1)
    byebug (10.0.2)
    coderay (1.1.2)
    concurrent-ruby (1.0.5)
    diffy (3.2.1)
    fakeredis (0.7.0)
      redis (>= 3.2, < 5.0)
    graphql (1.9.14)
    graphql-batch (0.3.9)
      graphql (>= 0.8, < 2)
      promise.rb (~> 0.7.2)
    hashdiff (1.0.0)
    i18n (1.0.1)
      concurrent-ruby (~> 1.0)
    metaclass (0.0.4)
    method_source (0.9.0)
    minitest (5.11.3)
    minitest-focus (1.1.2)
      minitest (>= 4, < 6)
    mocha (1.5.0)
      metaclass (~> 0.0.1)
    promise.rb (0.7.4)
    pry (0.11.3)
      coderay (~> 1.1.0)
      method_source (~> 0.9.0)
    pry-byebug (3.6.0)
      byebug (~> 10.0)
      pry (~> 0.10)
    rake (10.5.0)
    redis (4.0.1)
    thread_safe (0.3.6)
    tzinfo (1.2.5)
      thread_safe (~> 0.1)

PLATFORMS
  ruby

DEPENDENCIES
  activesupport (~> 5.1.5)
  bundler (~> 1.16)
  diffy
  fakeredis
  graphql (~> 1.9.14)
  graphql-batch
  graphql-metrics!
  hashdiff
  minitest (~> 5.0)
  minitest-focus
  mocha
  pry
  pry-byebug
  rake

BUNDLED WITH
   1.17.3
