PATH
  remote: .
  specs:
    graphql-metrics (4.0.3)
      concurrent-ruby (~> 1.1.0)
      graphql (>= 1.10.8)

GEM
  remote: https://rubygems.org/
  specs:
    activesupport (5.1.7)
      concurrent-ruby (~> 1.0, >= 1.0.2)
      i18n (>= 0.7, < 2)
      minitest (~> 5.1)
      tzinfo (~> 1.1)
    byebug (11.0.1)
    coderay (1.1.2)
    concurrent-ruby (1.1.5)
    diffy (3.3.0)
    fakeredis (0.7.0)
      redis (>= 3.2, < 5.0)
    graphql (1.10.8)
    graphql-batch (0.4.2)
      graphql (>= 1.3, < 2)
      promise.rb (~> 0.7.2)
    hashdiff (1.0.0)
    i18n (1.7.0)
      concurrent-ruby (~> 1.0)
    metaclass (0.0.4)
    method_source (0.9.2)
    minitest (5.13.0)
    minitest-focus (1.1.2)
      minitest (>= 4, < 6)
    mocha (1.9.0)
      metaclass (~> 0.0.1)
    promise.rb (0.7.4)
    pry (0.12.2)
      coderay (~> 1.1.0)
      method_source (~> 0.9.0)
    pry-byebug (3.7.0)
      byebug (~> 11.0)
      pry (~> 0.10)
    rake (13.0.1)
    redis (4.1.3)
    thread_safe (0.3.6)
    tzinfo (1.2.5)
      thread_safe (~> 0.1)

PLATFORMS
  ruby

DEPENDENCIES
  activesupport (~> 5.1.5)
  diffy
  fakeredis
  graphql-batch
  graphql-metrics!
  hashdiff
  minitest (~> 5.0)
  minitest-focus
  mocha
  pry
  pry-byebug
  rake

BUNDLED WITH
   2.1.4
