PATH
  remote: .
  specs:
    graphql-metrics (6.0.0)
      graphql (>= 2.3)

GEM
  remote: https://rubygems.org/
  specs:
    activesupport (6.1.7.5)
      concurrent-ruby (~> 1.0, >= 1.0.2)
      i18n (>= 1.6, < 2)
      minitest (>= 5.1)
      tzinfo (~> 2.0)
      zeitwerk (~> 2.3)
    base64 (0.2.0)
    byebug (11.1.3)
    coderay (1.1.3)
    concurrent-ruby (1.2.3)
    diffy (3.4.2)
    fakeredis (0.9.2)
      redis (~> 4.8)
    graphql (2.3.0)
      base64
    graphql-batch (0.6.0)
      graphql (>= 1.12.18, < 3)
      promise.rb (~> 0.7.2)
    hashdiff (1.1.0)
    i18n (1.14.4)
      concurrent-ruby (~> 1.0)
    method_source (1.0.0)
    minitest (5.22.3)
    minitest-focus (1.4.0)
      minitest (>= 4, < 6)
    mocha (2.1.0)
      ruby2_keywords (>= 0.0.5)
    promise.rb (0.7.4)
    pry (0.14.2)
      coderay (~> 1.1)
      method_source (~> 1.0)
    pry-byebug (3.10.1)
      byebug (~> 11.0)
      pry (>= 0.13, < 0.15)
    rake (13.1.0)
    redis (4.8.1)
    ruby2_keywords (0.0.5)
    tzinfo (2.0.6)
      concurrent-ruby (~> 1.0)
    zeitwerk (2.6.13)

PLATFORMS
  arm64-darwin-23
  x86_64-linux

DEPENDENCIES
  activesupport (~> 6.1.7)
  diffy
  fakeredis
  graphql-batch
  graphql-metrics!
  hashdiff
  minitest (~> 5.0)
  minitest-focus
  mocha
  pry
  pry-byebug
  rake

BUNDLED WITH
   2.4.1
